PATH
  remote: .
  specs:
    web-scripts (0.1.0)

GEM
  remote: https://rubygems.org/
  specs:
    base64 (0.2.0)
    io-console (0.7.2)
    irb (1.14.1)
      rdoc (>= 4.0.0)
      reline (>= 0.4.2)
    language_server-protocol (3.17.0.3)
    logger (1.6.1)
    mustermann (3.0.3)
      ruby2_keywords (~> 0.0.1)
    nio4r (2.7.3)
    prism (1.1.0)
    psych (5.1.2)
      stringio
    puma (6.4.3)
      nio4r (~> 2.0)
    rack (3.1.7)
    rack-protection (4.0.0)
      base64 (>= 0.1.0)
      rack (>= 3.0.0, < 4)
    rack-session (2.0.0)
      rack (>= 3.0.0)
    rackup (2.1.0)
      rack (>= 3)
      webrick (~> 1.8)
    rake (13.2.1)
    rbs (3.6.1)
      logger
    rdoc (6.7.0)
      psych (>= 4.0.0)
    reline (0.5.10)
      io-console (~> 0.5)
    ruby-lsp (0.19.0)
      language_server-protocol (~> 3.17.0)
      prism (>= 1.1, < 2.0)
      rbs (>= 3, < 4)
      sorbet-runtime (>= 0.5.10782)
    ruby2_keywords (0.0.5)
    rufo (0.18.0)
    sinatra (4.0.0)
      mustermann (~> 3.0)
      rack (>= 3.0.0, < 4)
      rack-protection (= 4.0.0)
      rack-session (>= 2.0.0, < 3)
      tilt (~> 2.0)
    sorbet-runtime (0.5.11592)
    stringio (3.1.1)
    tilt (2.4.0)
    webrick (1.8.2)
    yard (0.9.37)

PLATFORMS
  ruby
  x86_64-linux

DEPENDENCIES
  irb (~> 1.7)
  puma (~> 6.4)
  rack (~> 3.1)
  rackup (~> 2.1)
  rake (~> 13.0)
  ruby-lsp (~> 0.19.0)
  rufo (~> 0.18.0)
  sinatra (~> 4.0)
  web-scripts!
  yard (~> 0.9.34)

BUNDLED WITH
   2.5.11
